GIT
  remote: https://github.com/Shopify/mysql2
  revision: ecde7d6c22dc25c4f748ad56cb2fa41879928bff
  branch: session-tracking
  specs:
    mysql2 (0.5.3)

GEM
  remote: https://rubygems.org/
  specs:
    coderay (1.1.2)
    method_source (0.9.2)
    pry (0.12.2)
      coderay (~> 1.1.0)
      method_source (~> 0.9.0)

PLATFORMS
  ruby

DEPENDENCIES
  mysql2!
  pry

BUNDLED WITH
   2.1.4
